GEM
  remote: http://rubygems.org/
  specs:
    rack (2.2.11)

PLATFORMS
  ruby
  x86-mingw32

DEPENDENCIES
  rack
